NUGET
  remote: https://www.nuget.org/api/v2
  specs:
    FAKE (3.12.2)
    FSharp.Compiler.Service (0.0.67)
    FSharp.Core (3.1.2.1)
    FSharp.Formatting (2.4.37)
      FSharp.Compiler.Service (0.0.67)
      Microsoft.AspNet.Razor (2.0.30506)
      RazorEngine (3.3.0)
    Microsoft.AspNet.Razor (2.0.30506)
    NuGet.CommandLine (2.8.3)
    NUnit (2.6.4)
    NUnit.Runners (2.6.4)
    RazorEngine (3.3.0)
      Microsoft.AspNet.Razor (>= 2.0.30506.0)
    SourceLink.Fake (0.4.2)
    xunit (1.9.2)
    xunit.runner.visualstudio (0.99.8)
    xunit.runners (1.9.2)
